GEM
  remote: https://rubygems.org/
  specs:
    backports (3.6.4)
    byebug (5.0.0)
      columnize (= 0.9.0)
    capistrano (3.2.1)
      i18n
      rake (>= 10.0.0)
      sshkit (~> 1.3)
    capistrano-bundler (1.1.4)
      capistrano (~> 3.1)
      sshkit (~> 1.2)
    colorize (0.7.7)
    columnize (0.9.0)
    diff-lcs (1.2.5)
    docile (1.1.5)
    emk-sinatra-url-for (0.2.1)
      sinatra (>= 0.9.1.1)
    haml (4.0.6)
      tilt
    i18n (0.7.0)
    json (1.8.3)
    multi_json (1.11.1)
    net-scp (1.2.1)
      net-ssh (>= 2.6.5)
    net-ssh (2.9.2)
    pg (0.18.2)
    rack (1.6.4)
    rack-protection (1.5.3)
      rack
    rack-test (0.6.3)
      rack (>= 1.0)
    rake (10.4.2)
    rspec (3.3.0)
      rspec-core (~> 3.3.0)
      rspec-expectations (~> 3.3.0)
      rspec-mocks (~> 3.3.0)
    rspec-core (3.3.1)
      rspec-support (~> 3.3.0)
    rspec-expectations (3.3.0)
      diff-lcs (>= 1.2.0, < 2.0)
      rspec-support (~> 3.3.0)
    rspec-mocks (3.3.1)
      diff-lcs (>= 1.2.0, < 2.0)
      rspec-support (~> 3.3.0)
    rspec-support (3.3.0)
    sequel (4.24.0)
    shotgun (0.9.1)
      rack (>= 1.0)
    simplecov (0.10.0)
      docile (~> 1.1.0)
      json (~> 1.8)
      simplecov-html (~> 0.10.0)
    simplecov-badge (2.0.2)
    simplecov-html (0.10.0)
    sinatra (1.4.6)
      rack (~> 1.4)
      rack-protection (~> 1.4)
      tilt (>= 1.3, < 3)
    sinatra-contrib (1.4.5)
      backports (>= 2.0)
      multi_json
      rack-protection
      rack-test
      sinatra (~> 1.4.0)
      tilt (>= 1.3, < 3)
    sinatra-respond_to (0.9.0)
      sinatra (~> 1.3)
    sshkit (1.7.1)
      colorize (>= 0.7.0)
      net-scp (>= 1.1.2)
      net-ssh (>= 2.8.0)
    tilt (2.0.1)

PLATFORMS
  ruby

DEPENDENCIES
  byebug
  capistrano (~> 3.2.0)
  capistrano-bundler (~> 1.1.2)
  emk-sinatra-url-for
  haml
  pg
  rake
  rspec
  sequel
  shotgun
  simplecov
  simplecov-badge
  sinatra
  sinatra-contrib
  sinatra-respond_to

BUNDLED WITH
   1.10.4
